PATH
  remote: .
  specs:
    nagashi_somen (0.0.1)

GEM
  remote: https://rubygems.org/
  specs:
    minitest (5.8.5)
    rake (10.4.2)

PLATFORMS
  ruby

DEPENDENCIES
  bundler (~> 1.16)
  minitest (~> 5.0)
  nagashi_somen!
  rake (~> 10.0)

BUNDLED WITH
   1.16.2
